PATH
  remote: ../customized_toto
  specs:
    toto (0.4.9)
      builder
      rack
      rdiscount

GEM
  remote: http://rubygems.org/
  specs:
    builder (3.2.2)
    rack (1.5.2)
    rdiscount (2.1.6)

PLATFORMS
  ruby

DEPENDENCIES
  builder
  rack
  rdiscount
  toto!
